PATH
  remote: ~/Projects/IDA/ruby-saml/
  specs:
    ruby-saml (0.5.3)
      canonix (= 0.1.1)
      uuid (~> 2.3)

GEM
  remote: http://rubygems.org/
  specs:
    canonix (0.1.1)
    htmlentities (4.3.1)
    macaddr (1.6.1)
      systemu (~> 2.5.0)
    systemu (2.5.2)
    uuid (2.3.5)
      macaddr (~> 1.0)

PLATFORMS
  ruby

DEPENDENCIES
  htmlentities
  ruby-saml!
